GEM
  remote: http://rubygems.org/
  specs:
    activesupport (3.0.7)
    diff-lcs (1.1.3)
    getoptions (0.3)
    git (1.2.5)
    i18n (0.6.0)
    jeweler (1.6.4)
      bundler (~> 1.0)
      git (>= 1.2.5)
      rake
    json (1.6.1)
    mime-types (1.17.2)
    nokogiri (1.5.0)
    rake (0.9.2.2)
    rcov (0.9.11)
    rdoc (3.11)
      json (~> 1.4)
    rest-client (1.6.7)
      mime-types (>= 1.16)
    rspec (2.7.0)
      rspec-core (~> 2.7.0)
      rspec-expectations (~> 2.7.0)
      rspec-mocks (~> 2.7.0)
    rspec-core (2.7.1)
    rspec-expectations (2.7.0)
      diff-lcs (~> 1.1.2)
    rspec-mocks (2.7.0)
    ruby_odata (0.0.10)
      activesupport (>= 2.3.5)
      nokogiri (>= 1.4.2)
      rest-client (>= 1.5.1)

PLATFORMS
  ruby

DEPENDENCIES
  activesupport (>= 3.0.3)
  bundler (~> 1.0.0)
  getoptions (~> 0.3)
  i18n (>= 0.5.0)
  jeweler (~> 1.6.4)
  rake (~> 0.9.2.2)
  rcov
  rdoc (~> 3.11)
  rspec (~> 2.7.0)
  ruby_odata (~> 0.0.10)
